PATH
  remote: .
  specs:
    pmckee11-redis-lock (0.1.1)
      connection_pool (~> 2.0)
      redis (>= 3.0.5, > 3.0)

GEM
  remote: https://rubygems.org/
  specs:
    connection_pool (2.2.3)
    diff-lcs (1.2.5)
    redis (4.2.5)
    rspec (3.1.0)
      rspec-core (~> 3.1.0)
      rspec-expectations (~> 3.1.0)
      rspec-mocks (~> 3.1.0)
    rspec-core (3.1.7)
      rspec-support (~> 3.1.0)
    rspec-expectations (3.1.2)
      diff-lcs (>= 1.2.0, < 2.0)
      rspec-support (~> 3.1.0)
    rspec-mocks (3.1.3)
      rspec-support (~> 3.1.0)
    rspec-support (3.1.2)

PLATFORMS
  ruby

DEPENDENCIES
  pmckee11-redis-lock!
  rspec (~> 3.0, >= 3.0)

BUNDLED WITH
   2.0.1
